PATH
  remote: .
  specs:
    net-netconf (0.3.1)
      net-scp (~> 1.2)
      net-ssh (>= 2.9, < 3.3)
      nokogiri (~> 1.6)

GEM
  remote: https://rubygems.org/
  specs:
    mini_portile2 (2.5.1)
    net-scp (1.2.1)
      net-ssh (>= 2.6.5)
    net-ssh (3.2.0)
    nokogiri (1.11.5)
      mini_portile2 (~> 2.5.0)
      racc (~> 1.4)
    racc (1.5.2)

PLATFORMS
  ruby

DEPENDENCIES
  net-netconf!
